GEM
  remote: http://rubygems.org/
  specs:
    active_support (3.0.0)
      activesupport (= 3.0.0)
    activesupport (3.0.0)
    i18n (0.6.0)
    minitest (2.6.1)
    redis (2.2.2)
    redis-scripted (0.0.3)
      redis

PLATFORMS
  ruby

DEPENDENCIES
  active_support
  i18n
  minitest
  redis-scripted
